PATH
  remote: .
  specs:
    health-data-standards (0.7.2)
      builder (~> 3.0.0)
      erubis (~> 2.6)
      mongoid (~> 2.4.2)
      nokogiri (~> 1.4.7)
      uuid (~> 2.3.4)

GEM
  remote: http://rubygems.org/
  specs:
    activemodel (3.2.1)
      activesupport (= 3.2.1)
      builder (~> 3.0.0)
    activesupport (3.2.1)
      i18n (~> 0.6)
      multi_json (~> 1.0)
    bson (1.5.2)
    builder (3.0.0)
    coderay (1.0.5)
    configatron (2.9.0)
      yamler (>= 0.1.0)
    cover_me (1.2.0)
      configatron
      hashie
    erubis (2.7.0)
    hashie (1.2.0)
    i18n (0.6.0)
    macaddr (1.5.0)
      systemu (>= 2.4.0)
    method_source (0.7.0)
    mongo (1.5.2)
      bson (= 1.5.2)
    mongoid (2.4.4)
      activemodel (~> 3.1)
      mongo (~> 1.3)
      tzinfo (~> 0.3.22)
    multi_json (1.0.4)
    nokogiri (1.4.7)
    pry (0.9.8.2)
      coderay (~> 1.0.5)
      method_source (~> 0.7)
      slop (>= 2.4.4, < 3)
    rake (0.9.2.2)
    slop (2.4.4)
    systemu (2.4.2)
    tzinfo (0.3.31)
    uuid (2.3.5)
      macaddr (~> 1.0)
    yamler (0.1.0)

PLATFORMS
  ruby

DEPENDENCIES
  cover_me
  health-data-standards!
  pry
  rake
